GEM
  remote: https://rubygems.org/
  specs:
    bson (4.5.0)
    bson_ext (1.5.1)
    foreman (0.85.0)
      thor (~> 0.19.1)
    mongo (2.10.1)
      bson (>= 4.4.2, < 5.0.0)
    mustermann (1.0.3)
    nio4r (2.5.1)
    prometheus-client (0.10.0.pre.alpha.2)
    puma (4.1.1)
      nio4r (~> 2.0)
    rack (2.2.2)
    rack-protection (2.0.7)
      rack
    sinatra (2.0.7)
      mustermann (~> 1.0)
      rack (~> 2.0)
      rack-protection (= 2.0.7)
      tilt (~> 2.0)
    thor (0.19.4)
    tilt (2.0.9)

PLATFORMS
  ruby

DEPENDENCIES
  bson_ext
  foreman
  mongo
  prometheus-client (~> 0.10.0.pre.alpha.2)
  puma
  sinatra (~> 2.0, >= 2.0.3)

BUNDLED WITH
   1.17.2
