GEM
  remote: https://rubygems.org/
  specs:
    bson (4.5.0)
    bson_ext (1.5.1)
    foreman (0.85.0)
      thor (~> 0.19.1)
    mongo (2.10.1)
      bson (>= 4.4.2, < 5.0.0)
    mustermann (1.1.1)
      ruby2_keywords (~> 0.0.1)
    nio4r (2.5.8)
    prometheus-client (0.10.0.pre.alpha.2)
    puma (5.6.2)
      nio4r (~> 2.0)
    rack (2.2.3)
    rack-protection (2.0.8.1)
      rack
    ruby2_keywords (0.0.2)
    sinatra (2.0.8.1)
      mustermann (~> 1.0)
      rack (~> 2.0)
      rack-protection (= 2.0.8.1)
      tilt (~> 2.0)
    thor (0.19.4)
    tilt (2.0.10)

PLATFORMS
  ruby

DEPENDENCIES
  bson_ext
  foreman
  mongo
  prometheus-client (~> 0.10.0.pre.alpha.2)
  puma (>= 4.3.8)
  sinatra (~> 2.0, >= 2.0.7)

BUNDLED WITH
   1.17.3
